GEM
  remote: https://rubygems.org/
  specs:
    awesome_print (1.8.0)
    bond (0.5.1)
    bson (4.4.2)
    byebug (11.0.1)
    clipboard (1.3.3)
    coderay (1.1.2)
    colorize (0.8.1)
    concurrent-ruby (1.1.5)
    diff-lcs (1.3)
    docile (1.3.1)
    et-orbi (1.2.0)
      tzinfo
    ffi (1.10.0)
    fugit (1.2.0)
      et-orbi (~> 1.1, >= 1.1.8)
      raabro (~> 1.1)
    hirb (0.7.3)
    json (2.2.0)
    looksee (4.1.0)
    method_source (0.9.2)
    mongo (2.8.0)
      bson (>= 4.4.2, < 5.0.0)
    oj (3.7.12)
    pry (0.12.2)
      coderay (~> 1.1.0)
      method_source (~> 0.9.0)
    pry-bond (0.0.1)
      bond (~> 0.5)
      rb-readline (~> 0.5)
    pry-byebug (3.7.0)
      byebug (~> 11.0)
      pry (~> 0.10)
    pry-clipboard (0.1.1)
      clipboard
      pry
    pry-state (0.1.10)
      pry (>= 0.9.10, < 0.12.5)
    puma (3.12.1)
    raabro (1.1.6)
    rack (2.0.7)
    rack-test (1.1.0)
      rack (>= 1.0, < 3)
    rake (12.3.2)
    rb-readline (0.5.5)
    roda (3.19.0)
      rack
    rspec (3.8.0)
      rspec-core (~> 3.8.0)
      rspec-expectations (~> 3.8.0)
      rspec-mocks (~> 3.8.0)
    rspec-core (3.8.0)
      rspec-support (~> 3.8.0)
    rspec-expectations (3.8.3)
      diff-lcs (>= 1.2.0, < 2.0)
      rspec-support (~> 3.8.0)
    rspec-mocks (3.8.0)
      diff-lcs (>= 1.2.0, < 2.0)
      rspec-support (~> 3.8.0)
    rspec-support (3.8.0)
    rufus-scheduler (3.5.2)
      fugit (~> 1.1, >= 1.1.5)
    settingslogic (2.0.9)
    simplecov (0.16.1)
      docile (~> 1.1)
      json (>= 1.8, < 3)
      simplecov-html (~> 0.10.0)
    simplecov-html (0.10.2)
    tzinfo (2.0.0)
      concurrent-ruby (~> 1.0)
    tzinfo-data (1.2018.9)
      tzinfo (>= 1.0.0)

PLATFORMS
  ruby

DEPENDENCIES
  awesome_print (~> 1.8.0)
  byebug (~> 11.0.1)
  colorize (~> 0.8.1)
  ffi (~> 1.10.0)
  hirb (~> 0.7.3)
  looksee (~> 4.1.0)
  mongo (~> 2.8.0)
  oj (~> 3.7.12)
  pry (~> 0.12.2)
  pry-bond (~> 0.0.1)
  pry-byebug (~> 3.7.0)
  pry-clipboard (~> 0.1.1)
  pry-state (~> 0.1.10)
  puma (~> 3.12.1)
  rack-test
  rake (~> 12.3.1)
  roda (~> 3.19.0)
  rspec (~> 3.8.0)
  rufus-scheduler (~> 3.5.2)
  settingslogic (~> 2.0.9)
  simplecov
  tzinfo (~> 2.0)
  tzinfo-data (~> 1.2018.7)

RUBY VERSION
   ruby 2.6.3p62

BUNDLED WITH
   2.0.1
