GEM
  remote: https://rubygems.org/
  specs:
    awesome_print (1.8.0)
    bond (0.5.1)
    bson (4.3.0)
    byebug (10.0.2)
    clipboard (1.1.2)
    coderay (1.1.2)
    docile (1.3.1)
    et-orbi (1.1.6)
      tzinfo
    ffi (1.9.25)
    fugit (1.1.6)
      et-orbi (~> 1.1, >= 1.1.6)
      raabro (~> 1.1)
    hirb (0.7.3)
    json (2.1.0)
    looksee (4.0.0)
    method_source (0.9.1)
    mongo (2.6.2)
      bson (>= 4.3.0, < 5.0.0)
    oj (3.6.13)
    pry (0.12.0)
      coderay (~> 1.1.0)
      method_source (~> 0.9.0)
    pry-bond (0.0.1)
      bond (~> 0.5)
      rb-readline (~> 0.5)
    pry-byebug (3.6.0)
      byebug (~> 10.0)
      pry (~> 0.10)
    pry-clipboard (0.1.1)
      clipboard
      pry
    puma (3.12.0)
    raabro (1.1.6)
    rack (2.0.6)
    rack-test (1.1.0)
      rack (>= 1.0, < 3)
    rake (12.3.1)
    rb-readline (0.5.5)
    roda (3.13.0)
      rack
    rufus-scheduler (3.5.2)
      fugit (~> 1.1, >= 1.1.5)
    settingslogic (2.0.9)
    simplecov (0.16.1)
      docile (~> 1.1)
      json (>= 1.8, < 3)
      simplecov-html (~> 0.10.0)
    simplecov-html (0.10.2)
    thread_safe (0.3.6)
    tzinfo (1.2.5)
      thread_safe (~> 0.1)
    tzinfo-data (1.2018.7)
      tzinfo (>= 1.0.0)

PLATFORMS
  ruby

DEPENDENCIES
  awesome_print (~> 1.8.0)
  ffi (~> 1.9.25)
  hirb (~> 0.7.3)
  looksee (~> 4.0.0)
  mongo (~> 2.6.2)
  oj (~> 3.6.13)
  pry (~> 0.12.0)
  pry-bond (~> 0.0.1)
  pry-byebug (~> 3.6.0)
  pry-clipboard (~> 0.1.1)
  puma (~> 3.12.0)
  rack-test
  rake (~> 12.3.1)
  roda (~> 3.13.0)
  rufus-scheduler (~> 3.5.2)
  settingslogic (~> 2.0.9)
  simplecov
  tzinfo (~> 1.2.5)
  tzinfo-data (~> 1.2018.7)

RUBY VERSION
   ruby 2.5.1p57

BUNDLED WITH
   1.16.6
